GEM
  remote: https://rubygems.org/
  specs:
    nio4r (2.4.0)
    puma (4.1.0)
      nio4r (~> 2.0)
    rack (2.1.4)
    redis (4.1.3)

PLATFORMS
  ruby

DEPENDENCIES
  puma
  rack
  redis

BUNDLED WITH
   2.0.2
