GEM
  remote: https://rubygems.org/
  specs:
    nio4r (2.5.2)
    puma (4.3.5)
      nio4r (~> 2.0)
    rack (2.0.7)
    redis (4.1.3)

PLATFORMS
  ruby

DEPENDENCIES
  puma
  rack
  redis

BUNDLED WITH
   2.0.2
